GEM
  remote: https://rubygems.org/
  specs:
    actioncable (6.0.3.1)
      actionpack (= 6.0.3.1)
      nio4r (~> 2.0)
      websocket-driver (>= 0.6.1)
    actionmailbox (6.0.3.1)
      actionpack (= 6.0.3.1)
      activejob (= 6.0.3.1)
      activerecord (= 6.0.3.1)
      activestorage (= 6.0.3.1)
      activesupport (= 6.0.3.1)
      mail (>= 2.7.1)
    actionmailer (6.0.3.1)
      actionpack (= 6.0.3.1)
      actionview (= 6.0.3.1)
      activejob (= 6.0.3.1)
      mail (~> 2.5, >= 2.5.4)
      rails-dom-testing (~> 2.0)
    actionpack (6.0.3.1)
      actionview (= 6.0.3.1)
      activesupport (= 6.0.3.1)
      rack (~> 2.0, >= 2.0.8)
      rack-test (>= 0.6.3)
      rails-dom-testing (~> 2.0)
      rails-html-sanitizer (~> 1.0, >= 1.2.0)
    actiontext (6.0.3.1)
      actionpack (= 6.0.3.1)
      activerecord (= 6.0.3.1)
      activestorage (= 6.0.3.1)
      activesupport (= 6.0.3.1)
      nokogiri (>= 1.8.5)
    actionview (6.0.3.1)
      activesupport (= 6.0.3.1)
      builder (~> 3.1)
      erubi (~> 1.4)
      rails-dom-testing (~> 2.0)
      rails-html-sanitizer (~> 1.1, >= 1.2.0)
    activejob (6.0.3.1)
      activesupport (= 6.0.3.1)
      globalid (>= 0.3.6)
    activemodel (6.0.3.1)
      activesupport (= 6.0.3.1)
    activerecord (6.0.3.1)
      activemodel (= 6.0.3.1)
      activesupport (= 6.0.3.1)
    activestorage (6.0.3.1)
      actionpack (= 6.0.3.1)
      activejob (= 6.0.3.1)
      activerecord (= 6.0.3.1)
      marcel (~> 0.3.1)
    activesupport (6.0.3.1)
      concurrent-ruby (~> 1.0, >= 1.0.2)
      i18n (>= 0.7, < 2)
      minitest (~> 5.1)
      tzinfo (~> 1.1)
      zeitwerk (~> 2.2, >= 2.2.2)
    addressable (2.7.0)
      public_suffix (>= 2.0.2, < 5.0)
    ast (2.4.0)
    async (1.25.2)
      console (~> 1.0)
      nio4r (~> 2.3)
      timers (~> 4.1)
    async-container (0.16.4)
      async (~> 1.0)
      async-io (~> 1.26)
      process-group
    async-http (0.52.0)
      async (~> 1.25)
      async-io (~> 1.28)
      async-pool (~> 0.2)
      protocol-http (~> 0.18.0)
      protocol-http1 (~> 0.12.0)
      protocol-http2 (~> 0.14.0)
    async-http-cache (0.2.0)
      async-http (~> 0.51)
    async-http-faraday (0.9.0)
      async-http (~> 0.42)
      faraday
    async-io (1.29.0)
      async (~> 1.14)
    async-pool (0.3.0)
      async (~> 1.25)
    aws-eventstream (1.1.0)
    aws-partitions (1.317.0)
    aws-sdk-core (3.96.1)
      aws-eventstream (~> 1, >= 1.0.2)
      aws-partitions (~> 1, >= 1.239.0)
      aws-sigv4 (~> 1.1)
      jmespath (~> 1.0)
    aws-sdk-kms (1.31.0)
      aws-sdk-core (~> 3, >= 3.71.0)
      aws-sigv4 (~> 1.1)
    aws-sdk-s3 (1.65.0)
      aws-sdk-core (~> 3, >= 3.96.1)
      aws-sdk-kms (~> 1)
      aws-sigv4 (~> 1.1)
    aws-sigv4 (1.1.3)
      aws-eventstream (~> 1.0, >= 1.0.2)
    bindex (0.8.1)
    bootsnap (1.4.6)
      msgpack (~> 1.0)
    build-environment (1.13.0)
    builder (3.2.4)
    byebug (11.1.3)
    capybara (3.32.2)
      addressable
      mini_mime (>= 0.1.3)
      nokogiri (~> 1.8)
      rack (>= 1.6.0)
      rack-test (>= 0.6.3)
      regexp_parser (~> 1.5)
      xpath (~> 3.2)
    childprocess (3.0.0)
    concurrent-ruby (1.1.6)
    console (1.8.2)
    crack (0.4.3)
      safe_yaml (~> 1.0.0)
    crass (1.0.6)
    domain_name (0.5.20190701)
      unf (>= 0.0.5, < 1.0.0)
    dotenv (2.7.5)
    dotenv-rails (2.7.5)
      dotenv (= 2.7.5)
      railties (>= 3.2, < 6.1)
    elasticsearch (7.6.0)
      elasticsearch-api (= 7.6.0)
      elasticsearch-transport (= 7.6.0)
    elasticsearch-api (7.6.0)
      multi_json
    elasticsearch-model (7.1.0)
      activesupport (> 3)
      elasticsearch (> 1)
      hashie
    elasticsearch-persistence (7.1.0)
      activemodel (> 4)
      activesupport (> 4)
      elasticsearch (~> 7)
      elasticsearch-model (= 7.1.0)
      hashie
    elasticsearch-transport (7.6.0)
      faraday (~> 1)
      multi_json
    erubi (1.9.0)
    ethon (0.12.0)
      ffi (>= 1.3.0)
    falcon (0.36.4)
      async (~> 1.13)
      async-container (~> 0.16.0)
      async-http (~> 0.52.0)
      async-http-cache (~> 0.2.0)
      async-io (~> 1.22)
      build-environment (~> 1.13)
      localhost (~> 1.1)
      process-metrics (~> 0.2.0)
      rack (>= 1.0)
      samovar (~> 2.1)
    faraday (1.0.1)
      multipart-post (>= 1.2, < 3)
    ffi (1.12.2)
    ffi-compiler (1.0.1)
      ffi (>= 1.0.0)
      rake
    globalid (0.4.2)
      activesupport (>= 4.2.0)
    graphiql-rails (1.7.0)
      railties
      sprockets-rails
    graphql (1.10.10)
    hashdiff (1.0.1)
    hashie (4.1.0)
    hiredis (0.6.3)
    http (4.4.1)
      addressable (~> 2.3)
      http-cookie (~> 1.0)
      http-form_data (~> 2.2)
      http-parser (~> 1.2.0)
    http-cookie (1.0.3)
      domain_name (~> 0.5)
    http-form_data (2.3.0)
    http-parser (1.2.1)
      ffi-compiler (>= 1.0, < 2.0)
    i18n (1.8.2)
      concurrent-ruby (~> 1.0)
    inline_svg (1.7.1)
      activesupport (>= 3.0)
      nokogiri (>= 1.6)
    jmespath (1.4.0)
    kaminari (1.2.0)
      activesupport (>= 4.1.0)
      kaminari-actionview (= 1.2.0)
      kaminari-activerecord (= 1.2.0)
      kaminari-core (= 1.2.0)
    kaminari-actionview (1.2.0)
      actionview
      kaminari-core (= 1.2.0)
    kaminari-activerecord (1.2.0)
      activerecord
      kaminari-core (= 1.2.0)
    kaminari-core (1.2.0)
    listen (3.2.1)
      rb-fsevent (~> 0.10, >= 0.10.3)
      rb-inotify (~> 0.9, >= 0.9.10)
    localhost (1.1.6)
    lograge (0.11.2)
      actionpack (>= 4)
      activesupport (>= 4)
      railties (>= 4)
      request_store (~> 1.0)
    logstash-event (1.2.02)
    loofah (2.5.0)
      crass (~> 1.0.2)
      nokogiri (>= 1.5.9)
    mail (2.7.1)
      mini_mime (>= 0.1.1)
    mapping (1.1.1)
    marcel (0.3.3)
      mimemagic (~> 0.3.2)
    meta-tags (2.13.0)
      actionpack (>= 3.2.0, < 6.1)
    method_source (1.0.0)
    mimemagic (0.3.5)
    mini_mime (1.0.2)
    mini_portile2 (2.4.0)
    minitest (5.14.1)
    msgpack (1.3.3)
    multi_json (1.14.1)
    multipart-post (2.1.1)
    nio4r (2.5.2)
    nokogiri (1.10.9)
      mini_portile2 (~> 2.4.0)
    parallel (1.19.1)
    parser (2.7.1.2)
      ast (~> 2.4.0)
    process-group (1.2.1)
      process-terminal (~> 0.2.0)
    process-metrics (0.2.1)
      console (~> 1.8)
      samovar (~> 2.1)
    process-terminal (0.2.0)
      ffi
    protocol-hpack (1.4.2)
    protocol-http (0.18.0)
    protocol-http1 (0.12.0)
      protocol-http (~> 0.18)
    protocol-http2 (0.14.0)
      protocol-hpack (~> 1.4)
      protocol-http (~> 0.18)
    public_suffix (4.0.5)
    rack (2.2.2)
    rack-attack (6.3.0)
      rack (>= 1.0, < 3)
    rack-proxy (0.6.5)
      rack
    rack-test (1.1.0)
      rack (>= 1.0, < 3)
    rails (6.0.3.1)
      actioncable (= 6.0.3.1)
      actionmailbox (= 6.0.3.1)
      actionmailer (= 6.0.3.1)
      actionpack (= 6.0.3.1)
      actiontext (= 6.0.3.1)
      actionview (= 6.0.3.1)
      activejob (= 6.0.3.1)
      activemodel (= 6.0.3.1)
      activerecord (= 6.0.3.1)
      activestorage (= 6.0.3.1)
      activesupport (= 6.0.3.1)
      bundler (>= 1.3.0)
      railties (= 6.0.3.1)
      sprockets-rails (>= 2.0.0)
    rails-dom-testing (2.0.3)
      activesupport (>= 4.2.0)
      nokogiri (>= 1.6)
    rails-html-sanitizer (1.3.0)
      loofah (~> 2.3)
    railties (6.0.3.1)
      actionpack (= 6.0.3.1)
      activesupport (= 6.0.3.1)
      method_source
      rake (>= 0.8.7)
      thor (>= 0.20.3, < 2.0)
    rainbow (3.0.0)
    rake (13.0.1)
    rb-fsevent (0.10.3)
    rb-inotify (0.10.1)
      ffi (~> 1.0)
    redis (4.1.4)
    regexp_parser (1.7.0)
    request_store (1.5.0)
      rack (>= 1.4)
    rexml (3.2.4)
    rubocop (0.83.0)
      parallel (~> 1.10)
      parser (>= 2.7.0.1)
      rainbow (>= 2.2.2, < 4.0)
      rexml
      ruby-progressbar (~> 1.7)
      unicode-display_width (>= 1.4.0, < 2.0)
    rubocop-performance (1.5.2)
      rubocop (>= 0.71.0)
    ruby-progressbar (1.10.1)
    rubyzip (2.3.0)
    safe_yaml (1.0.5)
    samovar (2.1.4)
      console (~> 1.0)
      mapping (~> 1.0)
    selenium-webdriver (3.142.7)
      childprocess (>= 0.5, < 4.0)
      rubyzip (>= 1.2.2)
    semantic_range (2.3.0)
    sentry-raven (3.0.0)
      faraday (>= 1.0)
    sitemap_generator (6.1.0)
      builder (~> 3.0)
    skylight (4.3.0)
      skylight-core (= 4.3.0)
    skylight-core (4.3.0)
      activesupport (>= 4.2.0)
    slim (4.1.0)
      temple (>= 0.7.6, < 0.9)
      tilt (>= 2.0.6, < 2.1)
    sprockets (4.0.0)
      concurrent-ruby (~> 1.0)
      rack (> 1, < 3)
    sprockets-rails (3.2.1)
      actionpack (>= 4.0)
      activesupport (>= 4.0)
      sprockets (>= 3.0.0)
    standard (0.4.3)
      rubocop (~> 0.83.0)
      rubocop-performance (~> 1.5.2)
    temple (0.8.2)
    thor (1.0.1)
    thread_safe (0.3.6)
    tilt (2.0.10)
    timers (4.3.0)
    tty-cursor (0.7.1)
    tty-spinner (0.9.3)
      tty-cursor (~> 0.7)
    typhoeus (1.4.0)
      ethon (>= 0.9.0)
    tzinfo (1.2.7)
      thread_safe (~> 0.1)
    unf (0.1.4)
      unf_ext
    unf_ext (0.0.7.7)
    unicode-display_width (1.7.0)
    web-console (4.0.2)
      actionview (>= 6.0.0)
      activemodel (>= 6.0.0)
      bindex (>= 0.4.0)
      railties (>= 6.0.0)
    webdrivers (4.3.0)
      nokogiri (~> 1.6)
      rubyzip (>= 1.3.0)
      selenium-webdriver (>= 3.0, < 4.0)
    webmock (3.8.3)
      addressable (>= 2.3.6)
      crack (>= 0.3.2)
      hashdiff (>= 0.4.0, < 2.0.0)
    webpacker (5.1.1)
      activesupport (>= 5.2)
      rack-proxy (>= 0.6.1)
      railties (>= 5.2)
      semantic_range (>= 2.3.0)
    websocket-driver (0.7.1)
      websocket-extensions (>= 0.1.0)
    websocket-extensions (0.1.4)
    xpath (3.2.0)
      nokogiri (~> 1.8)
    zeitwerk (2.3.0)

PLATFORMS
  ruby

DEPENDENCIES
  async-http-faraday (~> 0.9.0)
  aws-sdk-s3
  bootsnap (>= 1.1.0)
  byebug
  capybara (>= 2.15)
  dotenv-rails
  elasticsearch-persistence
  falcon
  graphiql-rails
  graphql
  hiredis
  http
  inline_svg
  kaminari (~> 1.2.0)
  listen (>= 3.0.5, < 3.3)
  lograge
  logstash-event
  meta-tags
  rack-attack
  rails (~> 6.0.3)
  redis (~> 4.1)
  selenium-webdriver
  sentry-raven
  sitemap_generator
  skylight
  slim
  standard
  tty-spinner
  typhoeus
  web-console (>= 3.3.0)
  webdrivers
  webmock
  webpacker (~> 5.1)

RUBY VERSION
   ruby 2.7.1p83

BUNDLED WITH
   2.1.4
